GEM
  remote: https://rubygems.org/
  specs:
    async (2.0.0)
      console (~> 1.10)
      io-event (~> 1.0.0)
      timers (~> 4.1)
    async-container (0.16.12)
      async
      async-io
    async-http (0.56.5)
      async (>= 1.25)
      async-io (>= 1.28)
      async-pool (>= 0.2)
      protocol-http (~> 0.22.0)
      protocol-http1 (~> 0.14.0)
      protocol-http2 (~> 0.14.0)
    async-http-cache (0.4.2)
      async-http (~> 0.56)
    async-io (1.32.2)
      async
    async-pool (0.3.9)
      async (>= 1.25)
    async-websocket (0.19.0)
      async-http (~> 0.54)
      async-io (~> 1.23)
      protocol-websocket (~> 0.7.0)
    build-environment (1.13.0)
    citrus (3.0.2)
    console (1.14.0)
      fiber-local
    debug (1.4.0)
      irb (>= 1.3.6)
      reline (>= 0.2.7)
    falcon (0.39.2)
      async
      async-container (~> 0.16.0)
      async-http (~> 0.56.0)
      async-http-cache (~> 0.4.0)
      async-io (~> 1.22)
      build-environment (~> 1.13)
      bundler
      localhost (~> 1.1)
      process-metrics (~> 0.2.0)
      rack (>= 1.0)
      samovar (~> 2.1)
    fiber-local (1.0.0)
    graphql (1.13.4)
    io-console (0.5.11)
    io-event (1.0.1)
    irb (1.4.1)
      reline (>= 0.3.0)
    localhost (1.1.9)
    mapping (1.1.1)
    oj (3.13.11)
    pg (1.2.3)
    process-metrics (0.2.1)
      console (~> 1.8)
      samovar (~> 2.1)
    protocol-hpack (1.4.2)
    protocol-http (0.22.5)
    protocol-http1 (0.14.2)
      protocol-http (~> 0.22)
    protocol-http2 (0.14.2)
      protocol-hpack (~> 1.4)
      protocol-http (~> 0.18)
    protocol-websocket (0.7.5)
      protocol-http (~> 0.2)
      protocol-http1 (~> 0.2)
    rack (2.2.3)
    rack-cors (1.1.1)
      rack (>= 2.0.0)
    reline (0.3.1)
      io-console (~> 0.5)
    roda (3.51.0)
      rack
    samovar (2.1.4)
      console (~> 1.0)
      mapping (~> 1.0)
    sequel (5.52.0)
    timers (4.3.3)
    toml-rb (2.1.0)
      citrus (~> 3.0, > 3.0)
    ulid (1.3.0)

PLATFORMS
  x86_64-darwin-21
  x86_64-linux

DEPENDENCIES
  async
  async-websocket
  debug
  falcon
  graphql
  oj
  pg
  rack-cors
  roda
  sequel
  toml-rb
  ulid

RUBY VERSION
   ruby 3.1.0p0

BUNDLED WITH
   2.3.3
